NUGET
  remote: https://www.nuget.org/api/v2
  specs:
    CommandLineParser (1.9.71)
    FAKE (3.36.0)
    FSharp.Compiler.Service (1.3.1)
    FSharp.Formatting (2.9.10)
      FSharp.Compiler.Service (>= 0.0.87)
      FSharpVSPowerTools.Core (1.8.0)
    FSharpVSPowerTools.Core (1.8.0)
      FSharp.Compiler.Service (>= 0.0.87)
    ILRepack (2.0.9)
    Microsoft.Bcl (1.1.10)
      Microsoft.Bcl.Build (>= 1.0.14)
    Microsoft.Bcl.Build (1.0.21) - import_targets: false
    Microsoft.Net.Http (2.2.29)
      Microsoft.Bcl (>= 1.1.10)
      Microsoft.Bcl.Build (>= 1.0.14)
    MongoDB.Bson (2.0.1)
    MongoDB.Driver (2.0.1)
      MongoDB.Bson (>= 2.0.1)
      MongoDB.Driver.Core (>= 2.0.1)
    MongoDB.Driver.Core (2.0.1)
      MongoDB.Bson (>= 2.0.1)
    NUnit (2.6.4)
    NUnit.Runners (2.6.4)
    Octokit (0.13.0)
      Microsoft.Net.Http
    SourceLink.Fake (1.0.0)
GITHUB
  remote: fsharp/FAKE
  specs:
    modules/Octokit/Octokit.fsx (88e01a649ff2c6cc0060dc6b15b811bb54ca2d66)
      Octokit
  remote: fsprojects/Chessie
  specs:
    src/Chessie/ErrorHandling.fs (c22448cb3755b2df1e15d8ad5f0f15635ac5914e)